GIT
  remote: git@github.com:infinitered/rmq.git
  revision: 9d6274eada6ef9cdc6893b6586eb2fb8424a4225
  specs:
    ruby_motion_query (0.6.0)

GEM
  remote: https://rubygems.org/
  specs:

PLATFORMS
  ruby

DEPENDENCIES
  ruby_motion_query!
